PATH
  remote: .
  specs:
    timetastic (0.1.2)
      faraday
      json

GEM
  remote: https://rubygems.org/
  specs:
    addressable (2.5.1)
      public_suffix (~> 2.0, >= 2.0.2)
    crack (0.4.3)
      safe_yaml (~> 1.0.0)
    faraday (0.12.1)
      multipart-post (>= 1.2, < 3)
    hashdiff (0.3.4)
    json (2.1.0)
    minitest (5.10.2)
    multipart-post (2.0.0)
    public_suffix (2.0.5)
    rake (10.5.0)
    safe_yaml (1.0.4)
    vcr (3.0.3)
    webmock (3.0.1)
      addressable (>= 2.3.6)
      crack (>= 0.3.2)
      hashdiff

PLATFORMS
  ruby

DEPENDENCIES
  bundler (~> 1.14)
  minitest (~> 5.0)
  rake (~> 10.0)
  timetastic!
  vcr
  webmock

BUNDLED WITH
   1.15.1
